GIT
  remote: git://github.com/waka/musako.git
  revision: 484cb62395f41b04b66bf2187ec4075b439c14a0
  specs:
    musako (0.0.4)
      builder
      commander
      redcarpet
      sass
      slim

GEM
  remote: https://rubygems.org/
  specs:
    builder (3.2.2)
    commander (4.1.5)
      highline (~> 1.6.11)
    highline (1.6.20)
    redcarpet (3.0.0)
    sass (3.2.13)
    slim (2.0.2)
      temple (~> 0.6.6)
      tilt (>= 1.3.3, < 2.1)
    temple (0.6.7)
    tilt (2.0.0)

PLATFORMS
  ruby

DEPENDENCIES
  musako!
