GIT
  remote: git://github.com/waka/musako.git
  revision: 895463ae3a24555f019637d3f6ef6763b7b96735
  specs:
    musako (0.1.0)
      builder
      commander
      pygments.rb
      redcarpet
      sass
      slim

GEM
  remote: https://rubygems.org/
  specs:
    builder (3.2.2)
    commander (4.2.0)
      highline (~> 1.6.11)
    highline (1.6.21)
    posix-spawn (0.3.8)
    pygments.rb (0.5.4)
      posix-spawn (~> 0.3.6)
      yajl-ruby (~> 1.1.0)
    redcarpet (3.1.1)
    sass (3.3.7)
    slim (2.0.2)
      temple (~> 0.6.6)
      tilt (>= 1.3.3, < 2.1)
    temple (0.6.7)
    tilt (2.0.1)
    yajl-ruby (1.1.0)

PLATFORMS
  ruby

DEPENDENCIES
  musako!
